GEM
  remote: https://rubygems.org/
  specs:
    activemodel (4.0.0)
      activesupport (= 4.0.0)
      builder (~> 3.1.0)
    activeresource (4.0.0)
      activemodel (~> 4.0)
      activesupport (~> 4.0)
      rails-observers (~> 0.1.1)
    activesupport (4.0.0)
      i18n (~> 0.6, >= 0.6.4)
      minitest (~> 4.2)
      multi_json (~> 1.3)
      thread_safe (~> 0.1)
      tzinfo (~> 0.3.37)
    asana (0.0.6)
      activeresource (>= 3.2.3)
    atomic (1.1.13)
    awesome_print (1.1.0)
    builder (3.1.4)
    coderay (1.0.9)
    i18n (0.6.5)
    method_source (0.8.2)
    minitest (4.7.5)
    multi_json (1.7.9)
    pry (0.9.12.2)
      coderay (~> 1.0.5)
      method_source (~> 0.8)
      slop (~> 3.4)
    pry-doc (0.4.6)
      pry (>= 0.9)
      yard (>= 0.8)
    rails-observers (0.1.2)
      activemodel (~> 4.0)
    slop (3.4.6)
    thread_safe (0.1.2)
      atomic
    tzinfo (0.3.37)
    yard (0.8.7)

PLATFORMS
  ruby

DEPENDENCIES
  asana
  awesome_print
  pry
  pry-doc
